GEM
  remote: https://rubygems.org/
  specs:
    ast (2.0.0)
    astrolabe (1.3.0)
      parser (>= 2.2.0.pre.3, < 3.0)
    chef-zero (3.2)
      ffi-yajl (~> 1.1)
      hashie (~> 2.0)
      mixlib-log (~> 1.3)
      rack
      uuidtools (~> 2.1)
    diff-lcs (1.2.5)
    ffi (1.9.6)
    ffi-yajl (1.2.0)
      ffi (~> 1.5)
      libyajl2 (~> 1.0)
    hashie (2.1.2)
    kitchen-vagrant (0.15.0)
      test-kitchen (~> 1.0)
    libyajl2 (1.1.0)
    mixlib-log (1.6.0)
    mixlib-shellout (1.6.0)
    net-scp (1.2.1)
      net-ssh (>= 2.6.5)
    net-ssh (2.9.1)
    parser (2.2.0.pre.5)
      ast (>= 1.1, < 3.0)
      slop (~> 3.4, >= 3.4.5)
    powerpack (0.0.9)
    rack (1.5.2)
    rainbow (2.0.0)
    rspec (3.1.0)
      rspec-core (~> 3.1.0)
      rspec-expectations (~> 3.1.0)
      rspec-mocks (~> 3.1.0)
    rspec-core (3.1.7)
      rspec-support (~> 3.1.0)
    rspec-expectations (3.1.2)
      diff-lcs (>= 1.2.0, < 2.0)
      rspec-support (~> 3.1.0)
    rspec-its (1.0.1)
      rspec-core (>= 2.99.0.beta1)
      rspec-expectations (>= 2.99.0.beta1)
    rspec-mocks (3.1.3)
      rspec-support (~> 3.1.0)
    rspec-support (3.1.2)
    rubocop (0.26.1)
      astrolabe (~> 1.3)
      parser (>= 2.2.0.pre.4, < 3.0)
      powerpack (~> 0.0.6)
      rainbow (>= 1.99.1, < 3.0)
      ruby-progressbar (~> 1.4)
    ruby-progressbar (1.6.0)
    safe_yaml (1.0.4)
    serverspec (2.2.0)
      rspec (~> 3.0)
      rspec-its
      specinfra (~> 2.3)
    slop (3.6.0)
    specinfra (2.3.0)
      net-scp
      net-ssh
    test-kitchen (1.2.1)
      mixlib-shellout (~> 1.2)
      net-scp (~> 1.1)
      net-ssh (~> 2.7)
      safe_yaml (~> 1.0)
      thor (~> 0.18)
    thor (0.19.1)
    uuidtools (2.1.5)

PLATFORMS
  ruby

DEPENDENCIES
  chef-zero
  kitchen-vagrant
  rubocop
  serverspec
  test-kitchen
